GEM
  remote: http://rubygems.org/
  specs:
    barometer (0.7.3)
      httparty (>= 0.4.5)
      nokogiri
      tzinfo (>= 0.3.14)
    builder (3.0.0)
    erubis (2.7.0)
    httparty (0.8.1)
      multi_json
      multi_xml
    jsmin (1.0.1)
    json (1.6.1)
    jwt (0.1.3)
      json (>= 1.2.4)
    multi_json (1.0.3)
    multi_xml (0.4.1)
    nokogiri (1.5.0)
    rack (1.3.4)
    rack-protection (1.1.4)
      rack
    rack-test (0.6.1)
      rack (>= 1.0)
    sinatra (1.3.1)
      rack (~> 1.3, >= 1.3.4)
      rack-protection (~> 1.1, >= 1.1.2)
      tilt (~> 1.3, >= 1.3.3)
    sinatra-assetpack (0.0.10)
      jsmin
      rack-test
      sinatra
      tilt (>= 1.3.0)
    sinatra-flash (0.3.0)
      sinatra (>= 1.0.0)
    tilt (1.3.3)
    twilio-ruby (3.4.2)
      builder (>= 2.1.2)
      jwt (>= 0.1.2)
      multi_json (>= 1.0.3)
    tzinfo (0.3.30)

PLATFORMS
  ruby

DEPENDENCIES
  barometer
  erubis
  sinatra
  sinatra-assetpack
  sinatra-flash
  twilio-ruby
